GEM
  remote: https://rubygems.org/
  specs:
    crabstone (4.0.3)
      ffi
    ffi (1.15.0)
    seafoam (0.7)
      crabstone (~> 4.0)

PLATFORMS
  ruby

DEPENDENCIES
  seafoam!

BUNDLED WITH
   1.17.2
